GIT
  remote: git://github.com/freego/spree_env_ribbon.git
  revision: 2fb783a15a5f24e1c77920af63137a01ce6851da
  branch: 2-2-stable
  specs:
    spree_env_ribbon (2.2.0)
      spree_core (~> 2.2.0)

GIT
  remote: git://github.com/spree/spree-product-assembly.git
  revision: 8412cfa41fe32c754df0fb7b966e80a21820e10c
  branch: 2-2-stable
  specs:
    spree_product_assembly (2.2.0.beta)
      spree_backend (~> 2.2.0.beta)

GIT
  remote: git://github.com/spree/spree_active_shipping.git
  revision: c9d9d446a6e45ee45e7f2640d0607683616fccae
  branch: 2-2-stable
  specs:
    spree_active_shipping (2.2.0)
      active_shipping (~> 0.11.0)
      spree_core (~> 2.2.0)

GIT
  remote: git://github.com/spree/spree_analytics.git
  revision: 079949fd0e6d9ec87eefd8e3b9c70b5aa3bf25d3
  specs:
    spree_analytics (0.1.0)
      spree_core (>= 1.0.0.rc1)

GIT
  remote: git://github.com/spree/spree_auth_devise.git
  revision: 4959656be98742249f85879207a606e05d622cc6
  branch: 2-2-stable
  specs:
    spree_auth_devise (2.2.0)
      cancan (~> 1.6.10)
      devise (~> 3.2.3)
      devise-encryptable (= 0.1.2)
      json
      multi_json
      spree_core (~> 2.2.0)

GIT
  remote: git://github.com/spree/spree_comments.git
  revision: 5a64cdefdb04f04c57babce31c720be176a48ac5
  branch: 2-2-stable
  specs:
    spree_comments (2.0.0)
      acts_as_commentable (= 4.0.1)
      spree_api (~> 2.2.0)
      spree_backend (~> 2.2.0)
      spree_core (~> 2.2.0)

GIT
  remote: git://github.com/spree/spree_editor.git
  revision: ef31bd5f5d5094add0a13d359aff6a0b4bff021f
  branch: 2-2-stable
  specs:
    spree_editor (2.2.0)
      ckeditor (= 4.0.6)
      spree_backend (~> 2.2.0)
      tinymce-rails (~> 3.5.8.3)

GIT
  remote: git://github.com/spree/spree_email_to_friend.git
  revision: 2fd0263ba01ebbcf98c64da4dfcaac967486a1d7
  branch: 2-2-stable
  specs:
    spree_email_to_friend (1.3)
      recaptcha (>= 0.3.1)
      spree_core (~> 2.2.0)

GIT
  remote: git://github.com/spree/spree_fancy.git
  revision: 69be98ab52279a38e2d65e657730844c1839b216
  branch: 2-2-stable
  specs:
    spree_fancy (1.3.0)
      compass-rails
      deface (~> 1.0.0rc3)
      jquery-ui-rails
      spree_core (~> 2.2.0.beta)

GIT
  remote: git://github.com/spree/spree_gateway.git
  revision: 46b8610fd1db198410542374536c7cb17263b1a3
  branch: 2-2-stable
  specs:
    spree_gateway (2.2.1)
      spree_core (~> 2.2.0)

GIT
  remote: git://github.com/spree/spree_i18n.git
  revision: 5211761ee7dd8f3102af92b0b7b269a72b4281b7
  branch: 2-2-stable
  specs:
    spree_i18n (3.0.0)
      globalize (~> 4.0.0)
      i18n_data (~> 0.4.1)
      rails-i18n (~> 4.0.0)
      spree_core (~> 2.2.0)

GIT
  remote: git://github.com/spree/spree_multi_currency.git
  revision: 2ba81560cadcf29debbecae27e427552bfa09abe
  branch: 2-2-stable
  specs:
    spree_multi_currency (2.2.0)
      spree_core (~> 2.2.0)

GIT
  remote: git://github.com/spree/spree_print_invoice.git
  revision: 0e53a90f98cba2b18188242d303282124e34e12b
  branch: 2-2-stable
  specs:
    spree_print_invoice (2.0.0)
      prawn (= 1.0.0)
      spree_core (~> 2.2.0.beta)

GIT
  remote: git://github.com/spree/spree_product_zoom.git
  revision: 759c07b403ee09d0fdb79fe1d4469f65ce1cc9d2
  branch: 2-2-stable
  specs:
    spree_product_zoom (2.2)
      spree_core (~> 2.2.0)

GIT
  remote: git://github.com/spree/spree_recently_viewed.git
  revision: 8f7cf0da8d1ef8de650873b3ea437497390c376f
  branch: 2-2-stable
  specs:
    spree_recently_viewed (1.1.0)
      spree_core (~> 2.2.0.beta)

GIT
  remote: git://github.com/spree/spree_related_products.git
  revision: 8d298626aeef3a0ae17479bef5e9d806f4d50afc
  branch: 2-2-stable
  specs:
    spree_related_products (3.2)
      spree_backend (~> 2.2.0)

GIT
  remote: git://github.com/spree/spree_reviews.git
  revision: 7353e682948ef15deafecae085d63130a12c1a9c
  branch: 2-2-stable
  specs:
    spree_reviews (2.2.0)
      spree_core (~> 2.2.0)

GIT
  remote: git://github.com/spree/spree_social_products.git
  revision: 1cf19917b18ac003926a6528b72d553f01422012
  specs:
    spree_social_products (2.0)
      spree_core (~> 2.2.0.beta)

GIT
  remote: git://github.com/spree/spree_static_content.git
  revision: 84a77297a61f241155c2301c1ba9b960a8354c68
  branch: 2-2-stable
  specs:
    spree_static_content (2.2.0)
      spree_core (~> 2.2.0)

GIT
  remote: git://github.com/spree/spree_store_credits.git
  revision: d3101ca370fdaf6efe3c2393df5535a5dac82f63
  specs:
    spree_store_credits (1.1.1)
      spree_api (~> 2.2.0.beta)
      spree_backend (~> 2.2.0.beta)
      spree_core (~> 2.2.0.beta)
      spree_frontend (~> 2.2.0.beta)

GIT
  remote: git://github.com/spree/spree_volume_pricing.git
  revision: 11cb113a1fb9e9ec9c0ac1cab0dbf9cefd61f449
  branch: 2-2-stable
  specs:
    spree_volume_pricing (3.3.0)
      spree_core (~> 2.2.0.beta)

GIT
  remote: git://github.com/spree/spree_wishlist.git
  revision: c8bc321e03e36d9ac4f6dceb3fce9e059d880328
  branch: 2-2-stable
  specs:
    spree_wishlist (2.2)
      spree_core (~> 2.2.0)

GEM
  remote: https://rubygems.org/
  specs:
    actionmailer (4.0.5)
      actionpack (= 4.0.5)
      mail (~> 2.5.4)
    actionpack (4.0.5)
      activesupport (= 4.0.5)
      builder (~> 3.1.0)
      erubis (~> 2.7.0)
      rack (~> 1.5.2)
      rack-test (~> 0.6.2)
    active_shipping (0.11.2)
      active_utils (>= 1.0.1)
      activesupport (>= 2.3.5)
      builder
      i18n
      json (>= 1.5.1)
    active_utils (2.2.1)
      activesupport (>= 2.3.11)
      i18n
    activemerchant (1.42.9)
      active_utils (~> 2.0, >= 2.0.1)
      activesupport (>= 2.3.14, < 5.0.0)
      builder (>= 2.1.2, < 4.0.0)
      i18n (~> 0.5)
      json (~> 1.7)
      money (< 7.0.0)
      nokogiri (~> 1.4)
    activemodel (4.0.5)
      activesupport (= 4.0.5)
      builder (~> 3.1.0)
    activerecord (4.0.5)
      activemodel (= 4.0.5)
      activerecord-deprecated_finders (~> 1.0.2)
      activesupport (= 4.0.5)
      arel (~> 4.0.0)
    activerecord-deprecated_finders (1.0.3)
    activesupport (4.0.5)
      i18n (~> 0.6, >= 0.6.9)
      minitest (~> 4.2)
      multi_json (~> 1.3)
      thread_safe (~> 0.1)
      tzinfo (~> 0.3.37)
    acts_as_commentable (4.0.1)
    acts_as_list (0.3.0)
      activerecord (>= 3.0)
    arel (4.0.2)
    awesome_nested_set (3.0.0.rc.5)
      activerecord (>= 4.0.0, < 5)
    aws-sdk (1.27.0)
      json (~> 1.4)
      nokogiri (>= 1.4.4)
      uuidtools (~> 2.1)
    bcrypt (3.1.7)
    bson (1.10.1)
    bson_ext (1.10.1)
      bson (~> 1.10.1)
    builder (3.1.4)
    cancan (1.6.10)
    canonical-rails (0.0.7)
      rails (>= 3.1, < 5.0)
    chunky_png (1.3.1)
    ckeditor (4.0.6)
      mime-types
      orm_adapter
    climate_control (0.0.3)
      activesupport (>= 3.0)
    cocaine (0.5.4)
      climate_control (>= 0.0.3, < 1.0)
    coffee-rails (4.0.1)
      coffee-script (>= 2.2.0)
      railties (>= 4.0.0, < 5.0)
    coffee-script (2.2.0)
      coffee-script-source
      execjs
    coffee-script-source (1.7.0)
    colorize (0.7.3)
    compass (0.12.6)
      chunky_png (~> 1.2)
      fssm (>= 0.2.7)
      sass (~> 3.2.19)
    compass-rails (1.1.7)
      compass (>= 0.12.2)
      sprockets (<= 2.11.0)
    deface (1.0.0)
      colorize (>= 0.5.8)
      nokogiri (~> 1.6.0)
      rails (>= 3.1)
    devise (3.2.4)
      bcrypt (~> 3.0)
      orm_adapter (~> 0.1)
      railties (>= 3.2.6, < 5)
      thread_safe (~> 0.1)
      warden (~> 1.2.3)
    devise-encryptable (0.1.2)
      devise (>= 2.1.0)
    dotenv (0.9.0)
    dotenv-rails (0.9.0)
      dotenv (= 0.9.0)
    erubis (2.7.0)
    execjs (2.0.2)
    ffaker (1.24.0)
    font-awesome-rails (4.1.0.0)
      railties (>= 3.2, < 5.0)
    friendly_id (5.0.3)
      activerecord (>= 4.0.0)
    fssm (0.2.10)
    globalize (4.0.1)
      activemodel (>= 4.0.0, < 5)
      activerecord (>= 4.0.0, < 5)
    highline (1.6.21)
    hike (1.2.3)
    httparty (0.13.1)
      json (~> 1.8)
      multi_xml (>= 0.5.2)
    hub_samples (1.0)
      bson_ext (>= 1.5.0)
    i18n (0.6.9)
    i18n_data (0.4.1)
    jbuilder (1.5.3)
      activesupport (>= 3.0.0)
      multi_json (>= 1.2.0)
    jquery-rails (3.1.0)
      railties (>= 3.0, < 5.0)
      thor (>= 0.14, < 2.0)
    jquery-ui-rails (4.1.2)
      railties (>= 3.1.0)
    json (1.8.1)
    kaminari (0.15.1)
      actionpack (>= 3.0.0)
      activesupport (>= 3.0.0)
    libv8 (3.16.14.3)
    mail (2.5.4)
      mime-types (~> 1.16)
      treetop (~> 1.4.8)
    mime-types (1.25.1)
    mini_portile (0.6.0)
    minitest (4.7.5)
    monetize (0.3.0)
      money (~> 6.1.0.beta1)
    money (6.1.1)
      i18n (~> 0.6.4)
    multi_json (1.10.1)
    multi_xml (0.5.5)
    nokogiri (1.6.2.1)
      mini_portile (= 0.6.0)
    orm_adapter (0.5.0)
    paperclip (3.4.2)
      activemodel (>= 3.0.0)
      activerecord (>= 3.0.0)
      activesupport (>= 3.0.0)
      cocaine (~> 0.5.0)
      mime-types
    paranoia (2.0.2)
      activerecord (~> 4.0)
    pdf-core (0.2.5)
    polyamorous (0.6.4)
      activerecord (>= 3.0)
    polyglot (0.3.4)
    prawn (1.0.0)
      pdf-core (~> 0.2.2)
      ttfunk (~> 1.1.1)
    rabl (0.9.3)
      activesupport (>= 2.3.14)
    rack (1.5.2)
    rack-test (0.6.2)
      rack (>= 1.0)
    rails (4.0.5)
      actionmailer (= 4.0.5)
      actionpack (= 4.0.5)
      activerecord (= 4.0.5)
      activesupport (= 4.0.5)
      bundler (>= 1.3.0, < 2.0)
      railties (= 4.0.5)
      sprockets-rails (~> 2.0.0)
    rails-i18n (4.0.2)
      i18n (~> 0.6)
      rails (>= 4.0)
    railties (4.0.5)
      actionpack (= 4.0.5)
      activesupport (= 4.0.5)
      rake (>= 0.8.7)
      thor (>= 0.18.1, < 2.0)
    rake (10.3.2)
    ransack (1.1.0)
      actionpack (>= 3.0)
      activerecord (>= 3.0)
      polyamorous (~> 0.6.0)
    rb-readline (0.5.1)
    rdoc (4.1.1)
      json (~> 1.4)
    recaptcha (0.3.6)
    ref (1.0.5)
    sass (3.2.19)
    sass-rails (4.0.3)
      railties (>= 4.0.0, < 5.0)
      sass (~> 3.2.0)
      sprockets (~> 2.8, <= 2.11.0)
      sprockets-rails (~> 2.0)
    sdoc (0.4.0)
      json (~> 1.8)
      rdoc (~> 4.0, < 5.0)
    select2-rails (3.4.9)
      sass-rails
      thor (~> 0.14)
    spree (2.2.2)
      spree_api (= 2.2.2)
      spree_backend (= 2.2.2)
      spree_cmd (= 2.2.2)
      spree_core (= 2.2.2)
      spree_frontend (= 2.2.2)
      spree_sample (= 2.2.2)
    spree_api (2.2.2)
      rabl (= 0.9.3)
      spree_core (= 2.2.2)
      versioncake (~> 1.2.0)
    spree_backend (2.2.2)
      jquery-rails (~> 3.1.0)
      jquery-ui-rails (~> 4.1.0)
      select2-rails (~> 3.4.7)
      spree_api (= 2.2.2)
      spree_core (= 2.2.2)
    spree_cmd (2.2.2)
      thor (~> 0.14)
    spree_core (2.2.2)
      activemerchant (~> 1.42.3)
      acts_as_list (= 0.3.0)
      awesome_nested_set (~> 3.0.0.rc.3)
      aws-sdk (= 1.27.0)
      cancan (~> 1.6.10)
      deface (~> 1.0.0)
      ffaker (~> 1.16)
      font-awesome-rails (~> 4.0)
      friendly_id (= 5.0.3)
      highline (~> 1.6.18)
      httparty (~> 0.11)
      json (~> 1.7)
      kaminari (~> 0.15.0)
      monetize
      paperclip (~> 3.4.1)
      paranoia (~> 2.0)
      rails (~> 4.0.5)
      ransack (~> 1.1.0)
      state_machine (= 1.2.0)
      stringex (~> 1.5.1)
      truncate_html (= 0.9.2)
    spree_frontend (2.2.2)
      canonical-rails (~> 0.0.4)
      jquery-rails (~> 3.1.0)
      spree_api (= 2.2.2)
      spree_core (= 2.2.2)
      stringex (~> 1.5.1)
    spree_sample (2.2.2)
      spree_core (= 2.2.2)
    sprockets (2.11.0)
      hike (~> 1.2)
      multi_json (~> 1.0)
      rack (~> 1.0)
      tilt (~> 1.1, != 1.3.0)
    sprockets-rails (2.0.1)
      actionpack (>= 3.0)
      activesupport (>= 3.0)
      sprockets (~> 2.8)
    sqlite3 (1.3.9)
    state_machine (1.2.0)
    stringex (1.5.1)
    therubyracer (0.12.1)
      libv8 (~> 3.16.14.0)
      ref
    thor (0.19.1)
    thread_safe (0.3.3)
    tilt (1.4.1)
    tinymce-rails (3.5.8.3)
      railties (>= 3.1.1)
    tinymce-rails-langs (3.20140129)
      tinymce-rails (~> 3.5, >= 3.5.8.3)
    treetop (1.4.15)
      polyglot
      polyglot (>= 0.3.1)
    truncate_html (0.9.2)
    ttfunk (1.1.1)
    turbolinks (2.2.2)
      coffee-rails
    tzinfo (0.3.39)
    uglifier (2.5.0)
      execjs (>= 0.3.0)
      json (>= 1.8.0)
    uuidtools (2.1.4)
    versioncake (1.2.0)
      actionpack (>= 3.2)
      activesupport (>= 3.2)
      railties (>= 3.2)
      tzinfo
    warden (1.2.3)
      rack (>= 1.0)

PLATFORMS
  ruby

DEPENDENCIES
  coffee-rails (~> 4.0.0)
  dotenv (= 0.9.0)
  dotenv-rails (= 0.9.0)
  hub_samples (= 1.0)
  jbuilder (~> 1.2)
  jquery-rails
  rails (= 4.0.5)
  rb-readline
  sass-rails (~> 4.0.2)
  sdoc
  spree (= 2.2.2)
  spree_active_shipping!
  spree_analytics!
  spree_auth_devise!
  spree_comments!
  spree_editor!
  spree_email_to_friend!
  spree_env_ribbon!
  spree_fancy!
  spree_gateway!
  spree_i18n!
  spree_multi_currency!
  spree_print_invoice!
  spree_product_assembly!
  spree_product_zoom!
  spree_recently_viewed!
  spree_related_products!
  spree_reviews!
  spree_social_products!
  spree_static_content!
  spree_store_credits!
  spree_volume_pricing!
  spree_wishlist!
  sqlite3
  therubyracer
  tinymce-rails-langs
  turbolinks
  uglifier (>= 1.3.0)
